GEM
  remote: https://rubygems.org/
  specs:
    andand (1.3.3)
    chronic_duration (0.10.6)
      numerizer (~> 0.1.1)
    coderay (1.1.1)
    colorize (0.8.1)
    commander (4.4.3)
      highline (~> 1.7.2)
    facets (3.1.0)
    highline (1.7.8)
    method_source (0.8.2)
    numerizer (0.1.1)
    pry (0.10.4)
      coderay (~> 1.1.0)
      method_source (~> 0.8.1)
      slop (~> 3.4)
    slop (3.6.0)
    terminal-table (1.8.0)
      unicode-display_width (~> 1.1, >= 1.1.1)
    unicode-display_width (1.2.1)

PLATFORMS
  ruby

DEPENDENCIES
  andand
  chronic_duration
  colorize
  commander
  facets
  pry
  terminal-table

BUNDLED WITH
   1.14.6
